GIT
  remote: https://github.com/q9f/eth.rb/
  revision: bb640c7f666f8622c177bfe733efaa754146127a
  specs:
    eth (0.5.5)
      keccak (~> 1.3)
      konstructor (~> 1.0)
      openssl (>= 2.2, < 4.0)
      rbsecp256k1 (~> 5.1)
      scrypt (~> 3.0)

GEM
  remote: https://rubygems.org/
  specs:
    coderay (1.1.3)
    ffi (1.15.5)
    ffi-compiler (1.0.1)
      ffi (>= 1.0.0)
      rake
    keccak (1.3.0)
    konstructor (1.0.2)
    method_source (1.0.0)
    mini_portile2 (2.8.0)
    openssl (3.0.0)
    pkg-config (1.4.7)
    pry (0.14.1)
      coderay (~> 1.1)
      method_source (~> 1.0)
    rake (13.0.6)
    rbsecp256k1 (5.1.0)
      mini_portile2 (~> 2.7)
      pkg-config (~> 1.4)
      rubyzip (~> 2.3)
    rubyzip (2.3.2)
    scrypt (3.0.7)
      ffi-compiler (>= 1.0, < 2.0)

PLATFORMS
  arm64-darwin-21
  arm64-darwin-22

DEPENDENCIES
  eth!
  pry

BUNDLED WITH
   2.4.7
